GEM
  remote: https://rubygems.org/
  specs:
    kgio (2.10.0)
    rack (2.0.1)
    raindrops (0.17.0)
    unicorn (5.2.0)
      kgio (~> 2.6)
      raindrops (~> 0.7)

PLATFORMS
  ruby

DEPENDENCIES
  rack
  unicorn

BUNDLED WITH
   1.13.6
